PATH
  remote: .
  specs:
    autotest-blink1 (0.0.1)

GEM
  remote: http://rubygems.org/
  specs:
    ZenTest (4.5.0)
    autotest-fsevent (0.2.8)
      sys-uname
    diff-lcs (1.1.2)
    ffi (1.2.0)
    rake (0.8.7)
    rspec (2.5.0)
      rspec-core (~> 2.5.0)
      rspec-expectations (~> 2.5.0)
      rspec-mocks (~> 2.5.0)
    rspec-core (2.5.1)
    rspec-expectations (2.5.0)
      diff-lcs (~> 1.1.2)
    rspec-mocks (2.5.0)
    sys-uname (0.9.0)
      ffi (>= 1.0.0)

PLATFORMS
  ruby

DEPENDENCIES
  ZenTest
  autotest-blink1!
  autotest-fsevent
  rake
  rspec
